GIT
  remote: git://github.com/amatsuda/kaminari.git
  revision: c7c88c576786d44623423ed3a5d466874a63837f
  ref: c7c88c576786
  branch: master
  specs:
    kaminari (0.14.1)
      actionpack (>= 3.0.0)
      activesupport (>= 3.0.0)

GIT
  remote: git://github.com/pmahoney/exception_notification.git
  revision: 5ac9f405fd53ee488b61ef129d8c8def6aa797da
  ref: 5ac9f405fd53ee
  branch: jruby
  specs:
    exception_notification (3.0.1)
      actionmailer (>= 3.0.4)

GIT
  remote: git://github.com/prcongithub/faraday.git
  revision: 10ff492fb74000ce1d8efc4f1492e41ddfb02a11
  ref: 10ff492fb74000ce1d8
  branch: handle-unprocessable-entity
  specs:
    faraday (0.9.0.rc5)
      multipart-post (~> 1.1)

GIT
  remote: git@bitbucket.org:jombay/jombay-notify.git
  revision: 29f4bd89d2e931f709af2b6fef510eb8baf83682
  branch: develop
  specs:
    jombay-notify (0.0.1)
      activerecord-jdbcpostgresql-adapter (= 1.2.9)
      nokogiri (~> 1.5.10)
      rails (~> 3.2.13)
      sidekiq (= 2.12.1)

GIT
  remote: git@github.com:yournextleap/vger.git
  revision: a9efe61bd970ec1a72ee1a746a07810025a8396a
  branch: develop
  specs:
    vger (0.0.1)
      her (~> 0.6.8)
      kaminari (= 0.14.1)
      rails (>= 3.0.0)

GEM
  remote: https://rubygems.org/
  specs:
    actionmailer (3.2.13)
      actionpack (= 3.2.13)
      mail (~> 2.5.3)
    actionpack (3.2.13)
      activemodel (= 3.2.13)
      activesupport (= 3.2.13)
      builder (~> 3.0.0)
      erubis (~> 2.7.0)
      journey (~> 1.0.4)
      rack (~> 1.4.5)
      rack-cache (~> 1.2)
      rack-test (~> 0.6.1)
      sprockets (~> 2.2.1)
    activemodel (3.2.13)
      activesupport (= 3.2.13)
      builder (~> 3.0.0)
    activerecord (3.2.13)
      activemodel (= 3.2.13)
      activesupport (= 3.2.13)
      arel (~> 3.0.2)
      tzinfo (~> 0.3.29)
    activerecord-jdbc-adapter (1.2.9.1)
    activerecord-jdbcpostgresql-adapter (1.2.9)
      activerecord-jdbc-adapter (~> 1.2.9)
      jdbc-postgres (>= 9.1, < 9.3)
    activeresource (3.2.13)
      activemodel (= 3.2.13)
      activesupport (= 3.2.13)
    activesupport (3.2.13)
      i18n (= 0.6.1)
      multi_json (~> 1.0)
    arel (3.0.3)
    awesome_print (1.1.0)
    aws-sdk (1.14.1)
      json (~> 1.4)
      nokogiri (< 1.6.0)
      uuidtools (~> 2.1)
    bootstrap-sass (2.3.1.0)
      sass (~> 3.2)
    builder (3.0.4)
    celluloid (0.15.2)
      timers (~> 1.1.0)
    celluloid-io (0.15.0)
      celluloid (>= 0.15.0)
      nio4r (>= 0.5.0)
    celluloid-redis (0.0.2)
      celluloid-io (>= 0.13.0.pre)
      redis
    coffee-script (2.2.0)
      coffee-script-source
      execjs
    coffee-script-source (1.7.0)
    connection_pool (1.2.0)
    ejs (1.0.0)
    erubis (2.7.0)
    execjs (2.0.2)
    faraday_middleware (0.9.0)
      faraday (>= 0.7.4, < 0.9)
    haml (3.1.8)
    haml-rails (0.3.4)
      actionpack (~> 3.0)
      activesupport (~> 3.0)
      haml (~> 3.0)
      railties (~> 3.0)
    her (0.6.8)
      activemodel (>= 3.0.0)
      activesupport (>= 3.0.0)
      faraday (~> 0.8)
      multi_json (~> 1.7)
    hike (1.2.3)
    i18n (0.6.1)
    jdbc-postgres (9.2.1004)
    journey (1.0.4)
    jquery-rails (2.2.1)
      railties (>= 3.0, < 5.0)
      thor (>= 0.14, < 2.0)
    json (1.8.1-java)
    mail (2.5.4)
      mime-types (~> 1.16)
      treetop (~> 1.4.8)
    mime-types (1.25.1)
    multi_json (1.8.4)
    multipart-post (1.2.0)
    nio4r (1.0.0-java)
    nokogiri (1.5.11-java)
    polyglot (0.3.4)
    puma (2.9.0-java)
      rack (>= 1.1, < 2.0)
    rack (1.4.5)
    rack-cache (1.2)
      rack (>= 0.4)
    rack-protection (1.5.0)
      rack
    rack-ssl (1.3.3)
      rack
    rack-test (0.6.2)
      rack (>= 1.0)
    rails (3.2.13)
      actionmailer (= 3.2.13)
      actionpack (= 3.2.13)
      activerecord (= 3.2.13)
      activeresource (= 3.2.13)
      activesupport (= 3.2.13)
      bundler (~> 1.0)
      railties (= 3.2.13)
    rails-backbone (0.7.2)
      coffee-script (~> 2.2.0)
      ejs (~> 1.0.0)
      railties (>= 3.1.0)
    railties (3.2.13)
      actionpack (= 3.2.13)
      activesupport (= 3.2.13)
      rack-ssl (~> 1.3.2)
      rake (>= 0.8.7)
      rdoc (~> 3.4)
      thor (>= 0.14.6, < 2.0)
    rake (10.1.1)
    rdoc (3.12.2)
      json (~> 1.4)
    redis (3.0.7)
    redis-namespace (1.4.1)
      redis (~> 3.0.4)
    request_store (1.0.5)
    sass (3.2.14)
    sass-rails (3.2.6)
      railties (~> 3.2.0)
      sass (>= 3.1.10)
      tilt (~> 1.3)
    sidekiq (2.12.1)
      celluloid (>= 0.14.1)
      connection_pool (>= 1.0.0)
      json
      redis (>= 3.0)
      redis-namespace
    sinatra (1.3.6)
      rack (~> 1.4)
      rack-protection (~> 1.3)
      tilt (~> 1.3, >= 1.3.3)
    slim (2.0.0)
      temple (~> 0.6.5)
      tilt (~> 1.3, >= 1.3.3)
    sprockets (2.2.2)
      hike (~> 1.2)
      multi_json (~> 1.0)
      rack (~> 1.0)
      tilt (~> 1.1, != 1.3.0)
    temple (0.6.6)
    thor (0.18.1)
    tilt (1.4.1)
    timers (1.1.0)
    treetop (1.4.15)
      polyglot
      polyglot (>= 0.3.1)
    tzinfo (0.3.38)
    uglifier (1.0.3)
      execjs (>= 0.3.0)
      multi_json (>= 1.0.2)
    uuidtools (2.1.4)
    wicked_pdf (0.9.6)
      rails

PLATFORMS
  java

DEPENDENCIES
  awesome_print (= 1.1.0)
  aws-sdk (= 1.14.1)
  better_errors (= 0.8.0)
  binding_of_caller (= 0.7.1)
  bootstrap-sass (= 2.3.1.0)
  celluloid-redis
  exception_notification!
  faraday!
  faraday_middleware (= 0.9.0)
  haml-rails (= 0.3.4)
  her (= 0.6.8)
  jombay-notify!
  jquery-rails (= 2.2.1)
  kaminari!
  puma (= 2.9.0)
  rails (= 3.2.13)
  rails-backbone (= 0.7.2)
  request_store (= 1.0.5)
  sass-rails (= 3.2.6)
  sidekiq (= 2.12.1)
  sinatra (= 1.3.6)
  slim (= 2.0.0)
  uglifier (= 1.0.3)
  vger!
  wicked_pdf (= 0.9.6)
